GEM
  remote: https://rubygems.org/
  specs:
    blankslate (2.1.2.4)
    chunky_png (1.3.0)
    classifier (1.3.4)
      fast-stemmer (>= 1.0.0)
    colorator (0.1)
    commander (4.1.6)
      highline (~> 1.6.11)
    compass (0.12.2)
      chunky_png (~> 1.2)
      fssm (>= 0.2.7)
      sass (~> 3.1)
    compass-normalize (1.5)
      compass (>= 0.12.0)
    compass-sourcemaps (0.12.4.sourcemaps.a4836f1)
      chunky_png (~> 1.2)
      fssm (>= 0.2.7)
      sass (= 3.3.0.alpha.134)
    fast-stemmer (1.0.2)
    ffi (1.9.3)
    fssm (0.2.10)
    highline (1.6.21)
    jekyll (1.5.0)
      classifier (~> 1.3)
      colorator (~> 0.1)
      commander (~> 4.1.3)
      liquid (~> 2.5.5)
      listen (~> 1.3)
      maruku (= 0.7.0)
      pygments.rb (~> 0.5.0)
      redcarpet (~> 2.3.0)
      safe_yaml (~> 1.0)
      toml (~> 0.1.0)
    jekyll-compass (1.0.4)
      compass (~> 0.12)
      jekyll (~> 1.3)
    jekyll-retinamagick (1.0.0)
      jekyll (>= 0.10.0)
      mini_magick (>= 3.3)
    liquid (2.5.5)
    listen (1.3.1)
      rb-fsevent (>= 0.9.3)
      rb-inotify (>= 0.9)
      rb-kqueue (>= 0.2)
    maruku (0.7.0)
    mini_magick (3.7.0)
      subexec (~> 0.2.1)
    parslet (1.5.0)
      blankslate (~> 2.0)
    posix-spawn (0.3.8)
    pygments.rb (0.5.4)
      posix-spawn (~> 0.3.6)
      yajl-ruby (~> 1.1.0)
    rb-fsevent (0.9.4)
    rb-inotify (0.9.3)
      ffi (>= 0.5.0)
    rb-kqueue (0.2.2)
      ffi (>= 0.5.0)
    redcarpet (2.3.0)
    safe_yaml (1.0.1)
    sass (3.3.0.alpha.134)
    subexec (0.2.3)
    toml (0.1.1)
      parslet (~> 1.5.0)
    yajl-ruby (1.1.0)

PLATFORMS
  ruby

DEPENDENCIES
  compass-normalize
  compass-sourcemaps (~> 0.12.2.sourcemaps.57a186c)
  jekyll
  jekyll-compass
  jekyll-retinamagick
